{
  "TaskName": "resting",
  "InstitutionName": "University of open science",
  "InstitutionAddress": "3rd planet from the sun",
  "Manufacturer": "",
  "ManufacturersModelName": "",
  "SoftwareVersions": "",
  "TaskDescription": "",
  "Instructions": "Close your eyes and enjoy the ride.",
  "CogPOID": "",
  "DeviceSerialNumber": "",
  "SamplingFrequency": "",
  "PowerLineFrequency": 50,
  "DewarPosition": "",
  "SoftwareFilters": "",
  "DigitizedLandmarks": "",
  "DigitizedHeadPoints": "",
  "MEGChannelCount": 42,
  "MEGREFChannelCount": 42,
  "EEGChannelCount": 42,
  "ECOGChannelCount": 42,
  "SEEGChannelCount": 42,
  "EOGChannelCount": 42,
  "ECGChannelCount": 42,
  "EMGChannelCount": 42,
  "MiscChannelCount": "",
  "TriggerChannelCount": "",
  "RecordingDuration": 600,
  "RecordingType": "continuous",
  "EpochLength": 2,
  "ContinuousHeadLocalization": "",
  "HeadCoilFrequency": [1470],
  "MaxMovement": "",
  "SubjectArtefactDescription": "",
  "AssociatedEmptyRoom": "",
  "EEGSamplingFrequency": "",
  "EEGPlacementScheme": "",
  "ManufacturersAmplifierModelName": "",
  "EEGReference": ""
}
