{
  "TaskName": "Testdata",
  "TaskDescription": "resting state",
  "Instructions": "",
  "CogAtlasID": "",
  "CogPOID": "",
  "InstitutionName": "University of Open Science",
  "InstitutionalDepartmentName": "",
  "InstitutionAddress": " Third rock from the sun",
  "Manufacturer": "Biosemi",
  "ManufacturersModelName": "ActiveTwo",
  "DeviceSerialNumber": "BHD2020",
  "SoftwareVersions": "13.11",
  "PowerLineFrequency": 50,
  "SamplingFrequency": 512,
  "EEGChannelCount": 64,
  "EOGChannelCount": 2,
  "ECGChannelCount": 2,
  "EMGChannelCount": 3,
  "MiscChannelCount": [],
  "TriggerChannelCount": [],
  "EEGPlacementScheme": "10-20 international system",
  "EEGReference": "right and left earlobes",
  "EEGGround": "CMS-DRL",
  "CapManufacturer": "",
  "CapManufacturersModelName": "",
  "HardwareFilters": "",
  "SoftwareFilters": "",
  "RecordingDuration": 5,
  "RecordingType": "continuous",
  "SubjectArtefactDescription": ""
}
