{
    "Manufacturer": "Sielips / Phimens",
    "ManufacturersModelName": "Terra",
    "MagneticFieldStrength": 7,
    "DeviceSerialNumber": 1234,
    "StationName": "International space station",
    "SoftwareVersions": " ",
    "ReceiveCoilName": " ",
    "ReceiveCoilActiveElements": " ",
    "GradientSetType": " ",
    "MRTransmitCoilSequence": " ",
    "MatrixCoilMode": " ",
    "CoilCombinationMethod": " ",
    "PulseSequenceType": "MPRAGE",
    "ScanningSequence": " ",
    "SequenceVariant": " ",
    "ScanOptions": " ",
    "SequenceName": " ",
    "PulseSequenceDetails": " ",
    "NonlinearGradientCorrection": " ",
    "NumberShots": 2,
    "ParallelReductionFactorInPlane": 2,
    "ParallelAcquisitionTechnique": "GRAPPA",
    "PartialFourier": " ",
    "PartialFourierDirection": " ",
    "PhaseEncodingDirection": "i",
    "WaterFatShift": " ",
    "EchoTrainLength": " ",
    "EchoTime": 2,
    "InversionTime": " ",
    "SliceEncodingDirection": " ",
    "DwellTime": " ",
    "FlipAngle": 90,
    "MultibandAccelerationFactor": " ",
    "AnatomicalLandmarkCoordinates": " ",
    "InstitutionName": "BCBL",
    "InstitutionAddress": "Zoomlandia",
    "InstitutionalDepartmentName": " ",
    "ContrastBolusIngredient": " "
}
